GEM
  remote: https://rubygems.org/
  specs:
    archive-tar-minitar (0.5.2)
    blimpy (0.6.7)
      fog
      minitar
      thor
    builder (3.2.2)
    cucumber (1.3.2)
      builder (>= 2.1.2)
      diff-lcs (>= 1.1.3)
      gherkin (~> 2.12.0)
      multi_json (~> 1.3)
    diff-lcs (1.2.4)
    erubis (2.7.0)
    excon (0.23.0)
    facter (1.7.1)
    ffi (0.6.4)
    fog (1.12.1)
      builder
      excon (~> 0.23.0)
      formatador (~> 0.2.0)
      mime-types
      multi_json (~> 1.0)
      net-scp (~> 1.1)
      net-ssh (>= 2.1.3)
      nokogiri (~> 1.5.0)
      ruby-hmac
    formatador (0.2.4)
    gherkin (2.12.0)
      multi_json (~> 1.3)
    json (1.8.0)
    mario (0.0.6)
    metaclass (0.0.1)
    mime-types (1.23)
    minitar (0.5.4)
    mocha (0.14.0)
      metaclass (~> 0.0.1)
    multi_json (1.7.4)
    net-scp (1.1.1)
      net-ssh (>= 2.6.5)
    net-ssh (2.6.7)
    nokogiri (1.5.10)
    puppet (2.7.21)
      facter (~> 1.5)
    puppet-lint (0.3.2)
    puppet-module (0.3.4)
    puppetlabs_spec_helper (0.4.1)
      mocha (>= 0.10.5)
      rake
      rspec (>= 2.9.0)
      rspec-puppet (>= 0.1.1)
    rake (10.0.4)
    rspec (2.13.0)
      rspec-core (~> 2.13.0)
      rspec-expectations (~> 2.13.0)
      rspec-mocks (~> 2.13.0)
    rspec-core (2.13.1)
    rspec-expectations (2.13.0)
      diff-lcs (>= 1.1.3, < 2.0)
    rspec-mocks (2.13.1)
    rspec-puppet (0.1.6)
      rspec
    ruby-hmac (0.4.0)
    thor (0.18.1)
    vagrant (0.5.4)
      archive-tar-minitar (= 0.5.2)
      erubis (>= 2.6.6)
      json (>= 1.4.3)
      mario (~> 0.0.6)
      net-scp (>= 1.0.2)
      net-ssh (>= 2.0.19)
      virtualbox (~> 0.7.3)
    virtualbox (0.7.9)
      ffi (~> 0.6.3)

PLATFORMS
  ruby

DEPENDENCIES
  blimpy
  cucumber
  puppet (~> 2.7)
  puppet-lint
  puppet-module
  puppetlabs_spec_helper
  rake
  rspec
  rspec-puppet
  vagrant
